GEM
  remote: https://rubygems.org/
  specs:
    activesupport (4.0.4)
      i18n (~> 0.6, >= 0.6.9)
      minitest (~> 4.2)
      multi_json (~> 1.3)
      thread_safe (~> 0.1)
      tzinfo (~> 0.3.37)
    atomic (1.1.16)
    beeminder (0.2.8)
      activesupport (>= 3.2, < 5)
      chronic (~> 0.7)
      highline (~> 1.6)
      json
      trollop (~> 2)
      tzinfo
    chronic (0.10.2)
    dotenv (0.10.0)
    highline (1.6.21)
    httparty (0.11.0)
      multi_json (~> 1.0)
      multi_xml (>= 0.5.2)
    i18n (0.6.9)
    json (1.8.1)
    logan (0.0.7)
      httparty (= 0.11.0)
      json (~> 1.8)
    minitest (4.7.5)
    multi_json (1.9.2)
    multi_xml (0.5.5)
    thread_safe (0.3.1)
      atomic (>= 1.1.7, < 2)
    trollop (2.0)
    tzinfo (0.3.39)

PLATFORMS
  ruby

DEPENDENCIES
  beeminder
  dotenv
  logan
